GEM
  remote: https://rubygems.org/
  specs:
    activesupport (3.2.13)
      i18n (= 0.6.1)
      multi_json (~> 1.0)
    addressable (2.2.8)
    backports (2.6.7)
    builder (3.2.0)
    coderay (1.0.9)
    crack (0.3.2)
    daemons (1.1.9)
    data_objects (0.10.12)
      addressable (~> 2.1)
    descendants_tracker (0.0.1)
    diff-lcs (1.2.4)
    dm-core (1.2.0)
      addressable (~> 2.2.6)
    dm-do-adapter (1.2.0)
      data_objects (~> 0.10.6)
      dm-core (~> 1.2.0)
    dm-migrations (1.2.0)
      dm-core (~> 1.2.0)
    dm-postgres-adapter (1.2.0)
      dm-do-adapter (~> 1.2.0)
      do_postgres (~> 0.10.6)
    dm-serializer (1.2.2)
      dm-core (~> 1.2.0)
      fastercsv (~> 1.5)
      json (~> 1.6)
      json_pure (~> 1.6)
      multi_json (~> 1.0)
    dm-sqlite-adapter (1.2.0)
      dm-do-adapter (~> 1.2.0)
      do_sqlite3 (~> 0.10.6)
    dm-validations (1.2.0)
      dm-core (~> 1.2.0)
    do_jdbc (0.10.12-java)
      data_objects (= 0.10.12)
    do_postgres (0.10.12)
      data_objects (= 0.10.12)
    do_postgres (0.10.12-java)
      data_objects (= 0.10.12)
      do_jdbc (= 0.10.12)
      jdbc-postgres (>= 8.2)
    do_sqlite3 (0.10.12)
      data_objects (= 0.10.12)
    do_sqlite3 (0.10.12-java)
      data_objects (= 0.10.12)
      do_jdbc (= 0.10.12)
      jdbc-sqlite3 (>= 3.5.8)
    eventmachine (1.0.3)
    factory_girl (4.2.0)
      activesupport (>= 3.0.0)
    fastercsv (1.5.5)
    ffi (1.8.1-java)
    grape (0.4.1)
      activesupport
      builder
      hashie (>= 1.2.0)
      multi_json (>= 1.3.2)
      multi_xml (>= 0.5.2)
      rack (>= 1.3.0)
      rack-accept
      rack-mount
      virtus
    hashie (2.0.4)
    i18n (0.6.1)
    jdbc-postgres (9.2.1002.1)
    jdbc-sqlite3 (3.7.2.1)
    json (1.7.7)
    json (1.7.7-java)
    json_pure (1.7.7)
    method_source (0.8.1)
    mime-types (1.21)
    multi_json (1.7.2)
    multi_xml (0.5.3)
    nokogiri (1.5.9)
    nokogiri (1.5.9-java)
    pry (0.9.12.1)
      coderay (~> 1.0.5)
      method_source (~> 0.8)
      slop (~> 3.4)
    pry (0.9.12.1-java)
      coderay (~> 1.0.5)
      method_source (~> 0.8)
      slop (~> 3.4)
      spoon (~> 0.0)
    rack (1.5.2)
    rack-accept (0.4.5)
      rack (>= 0.4)
    rack-mount (0.8.3)
      rack (>= 1.0.0)
    rack-test (0.6.2)
      rack (>= 1.0)
    rake (10.0.4)
    rest-client (1.6.7)
      mime-types (>= 1.16)
    rspec (2.13.0)
      rspec-core (~> 2.13.0)
      rspec-expectations (~> 2.13.0)
      rspec-mocks (~> 2.13.0)
    rspec-core (2.13.1)
    rspec-expectations (2.13.0)
      diff-lcs (>= 1.1.3, < 2.0)
    rspec-mocks (2.13.1)
    shotgun (0.9)
      rack (>= 1.0)
    slop (3.4.4)
    spoon (0.0.3)
      ffi
    thin (1.5.1)
      daemons (>= 1.0.9)
      eventmachine (>= 0.12.6)
      rack (>= 1.0.0)
    virtus (0.5.4)
      backports (~> 2.6.1)
      descendants_tracker (~> 0.0.1)
    webmock (1.11.0)
      addressable (>= 2.2.7)
      crack (>= 0.3.2)

PLATFORMS
  java
  ruby

DEPENDENCIES
  dm-core (>= 1.1.0)
  dm-migrations (>= 1.1.0)
  dm-postgres-adapter (>= 1.1.0)
  dm-serializer
  dm-sqlite-adapter (>= 1.1.0)
  dm-validations (>= 1.1.0)
  factory_girl
  grape
  json
  nokogiri
  pry
  rack-test
  rake
  rest-client
  rspec (>= 2.0)
  shotgun
  thin
  webmock
